GEM
  remote: https://rubygems.org/
  specs:
    actionmailer (4.1.8)
      actionpack (= 4.1.8)
      actionview (= 4.1.8)
      mail (~> 2.5, >= 2.5.4)
    actionpack (4.1.8)
      actionview (= 4.1.8)
      activesupport (= 4.1.8)
      rack (~> 1.5.2)
      rack-test (~> 0.6.2)
    actionview (4.1.8)
      activesupport (= 4.1.8)
      builder (~> 3.1)
      erubis (~> 2.7.0)
    active_model_serializers (0.9.0)
      activemodel (>= 3.2)
    activemodel (4.1.8)
      activesupport (= 4.1.8)
      builder (~> 3.1)
    activerecord (4.1.8)
      activemodel (= 4.1.8)
      activesupport (= 4.1.8)
      arel (~> 5.0.0)
    activerecord-jdbc-adapter (1.3.13)
      activerecord (>= 2.2)
    activerecord-jdbcsqlite3-adapter (1.3.13)
      activerecord-jdbc-adapter (~> 1.3.13)
      jdbc-sqlite3 (>= 3.7.2, < 3.9)
    activesupport (4.1.8)
      i18n (~> 0.6, >= 0.6.9)
      json (~> 1.7, >= 1.7.7)
      minitest (~> 5.1)
      thread_safe (~> 0.1)
      tzinfo (~> 1.1)
    arel (5.0.1.20140414130214)
    blankslate (2.1.2.4)
    builder (3.2.2)
    class-table-inheritance (1.3.0)
    edn (1.0.0)
      parslet (~> 1.4.0)
    erubis (2.7.0)
    execjs (2.2.2)
    flexmock (1.3.3)
    hike (1.2.3)
    httparty (0.13.3)
      json (~> 1.8)
      multi_xml (>= 0.5.2)
    i18n (0.7.0)
    jdbc-sqlite3 (3.8.7)
    jruby-openssl (0.9.6-java)
    json (1.8.1-java)
    mail (2.6.3)
      mime-types (>= 1.16, < 3)
    mime-types (2.4.3)
    minitest (5.5.0)
    multi_json (1.10.1)
    multi_xml (0.5.5)
    nokogiri (1.6.5-java)
    parslet (1.4.0)
      blankslate (~> 2.0)
    pr_geohash (1.0.0)
    rack (1.5.2)
    rack-test (0.6.2)
      rack (>= 1.0)
    rails (4.1.8)
      actionmailer (= 4.1.8)
      actionpack (= 4.1.8)
      actionview (= 4.1.8)
      activemodel (= 4.1.8)
      activerecord (= 4.1.8)
      activesupport (= 4.1.8)
      bundler (>= 1.3.0, < 2.0)
      railties (= 4.1.8)
      sprockets-rails (~> 2.0)
    railties (4.1.8)
      actionpack (= 4.1.8)
      activesupport (= 4.1.8)
      rake (>= 0.8.7)
      thor (>= 0.18.1, < 2.0)
    rake (10.1.1)
    rsolr (1.0.10)
      builder (>= 2.1.2)
    sprockets (2.12.3)
      hike (~> 1.2)
      multi_json (~> 1.0)
      rack (~> 1.0)
      tilt (~> 1.1, != 1.3.0)
    sprockets-rails (2.2.2)
      actionpack (>= 3.0)
      activesupport (>= 3.0)
      sprockets (>= 2.8, < 4.0)
    sunspot (2.1.1)
      pr_geohash (~> 1.0)
      rsolr (~> 1.0.7)
    sunspot_rails (2.1.1)
      nokogiri
      rails (>= 3)
      sunspot (= 2.1.1)
    sunspot_solr (2.1.1)
    themoviedb (0.0.22)
      httparty
    thor (0.19.1)
    thread_safe (0.3.4-java)
    tilt (1.4.1)
    torquebox (3.1.1)
      thor (>= 0.14.6)
      torquebox-cache (= 3.1.1)
      torquebox-configure (= 3.1.1)
      torquebox-core (= 3.1.1)
      torquebox-messaging (= 3.1.1)
      torquebox-naming (= 3.1.1)
      torquebox-rake-support (= 3.1.1)
      torquebox-security (= 3.1.1)
      torquebox-stomp (= 3.1.1)
      torquebox-transactions (= 3.1.1)
      torquebox-web (= 3.1.1)
    torquebox-cache (3.1.1-java)
      torquebox-core (= 3.1.1)
      torquebox-transactions (= 3.1.1)
    torquebox-configure (3.1.1-java)
      blankslate (= 2.1.2.4)
    torquebox-core (3.1.1-java)
      edn (= 1.0.0)
    torquebox-messaging (3.1.1-java)
      torquebox-core (= 3.1.1)
      torquebox-transactions (= 3.1.1)
    torquebox-naming (3.1.1-java)
      torquebox-core (= 3.1.1)
    torquebox-rake-support (3.1.1)
      rake (= 10.1.1)
    torquebox-security (3.1.1-java)
      torquebox-core (= 3.1.1)
    torquebox-stomp (3.1.1)
      torquebox-core (= 3.1.1)
      torquebox-messaging (= 3.1.1)
    torquebox-transactions (3.1.1)
      torquebox-core (= 3.1.1)
    torquebox-web (3.1.1-java)
    tzinfo (1.2.2)
      thread_safe (~> 0.1)
    tzinfo-data (1.2014.10)
      tzinfo (>= 1.0.0)
    uglifier (2.6.0)
      execjs (>= 0.3.0)
      json (>= 1.8.0)

PLATFORMS
  java

DEPENDENCIES
  active_model_serializers (= 0.9.0)
  activerecord-jdbcsqlite3-adapter
  class-table-inheritance
  flexmock
  jruby-openssl
  rails (~> 4.1.7)
  sunspot_rails
  sunspot_solr
  themoviedb (= 0.0.22)
  torquebox (= 3.1.1)
  tzinfo-data
  uglifier (>= 1.3.0)
